GEM
  remote: https://rubygems.org/
  specs:
    minitest (5.4.3)
    rake (10.4.2)
    yard (0.8.7.6)

PLATFORMS
  ruby

DEPENDENCIES
  bundler (~> 1.10)
  minitest
  rake (~> 10.0)
  yard

BUNDLED WITH
   1.10.5
